GEM
  remote: https://rubygems.org/
  specs:
    slop (4.2.0)

PLATFORMS
  ruby

DEPENDENCIES
  slop

BUNDLED WITH
   1.10.6
